PATH
  remote: .
  specs:
    elasticsearch-cookbook (0.0.1)
      elasticsearch
      elasticsearch-dsl
      pry
      pry-byebug

GEM
  remote: https://rubygems.org/
  specs:
    byebug (11.1.3)
    coderay (1.1.3)
    elasticsearch (7.9.0)
      elasticsearch-api (= 7.9.0)
      elasticsearch-transport (= 7.9.0)
    elasticsearch-api (7.9.0)
      multi_json
    elasticsearch-dsl (0.1.9)
    elasticsearch-transport (7.9.0)
      faraday (~> 1)
      multi_json
    faraday (1.0.1)
      multipart-post (>= 1.2, < 3)
    method_source (1.0.0)
    multi_json (1.15.0)
    multipart-post (2.1.1)
    pry (0.13.1)
      coderay (~> 1.1)
      method_source (~> 1.0)
    pry-byebug (3.9.0)
      byebug (~> 11.0)
      pry (~> 0.13.0)

PLATFORMS
  x64-mingw32

DEPENDENCIES
  elasticsearch-cookbook!

BUNDLED WITH
   2.1.4
