GEM
  remote: https://rubygems.org/
  specs:
    elasticsearch (7.9.0)
      elasticsearch-api (= 7.9.0)
      elasticsearch-transport (= 7.9.0)
    elasticsearch-api (7.9.0)
      multi_json
    elasticsearch-transport (7.9.0)
      faraday (~> 1)
      multi_json
    faraday (1.0.1)
      multipart-post (>= 1.2, < 3)
    multi_json (1.15.0)
    multipart-post (2.1.1)

PLATFORMS
  x64-mingw32

DEPENDENCIES
  elasticsearch

BUNDLED WITH
   2.1.4
